GEM
  remote: http://rubygems.org/
  remote: http://gems.github.com/
  remote: http://gemcutter.org/
  specs:
    actionmailer (2.3.11)
      actionpack (= 2.3.11)
    actionpack (2.3.11)
      activesupport (= 2.3.11)
      rack (~> 1.1.0)
    activerecord (2.3.11)
      activesupport (= 2.3.11)
    activeresource (2.3.11)
      activesupport (= 2.3.11)
    activesupport (2.3.11)
    builder (2.1.2)
    calendar_date_select (1.16.2)
    cgi_multipart_eof_fix (2.5.0)
    daemons (1.1.4)
    fastthread (1.0.7)
    gem_plugin (0.2.3)
    i18n (0.4.1)
    mongrel (1.1.5)
      cgi_multipart_eof_fix (>= 2.4)
      daemons (>= 1.0.3)
      fastthread (>= 1.0.1)
      gem_plugin (>= 0.2.3)
    mysql (2.8.1)
    rack (1.1.2)
    rails (2.3.11)
      actionmailer (= 2.3.11)
      actionpack (= 2.3.11)
      activerecord (= 2.3.11)
      activeresource (= 2.3.11)
      activesupport (= 2.3.11)
      rake (>= 0.8.3)
    rake (0.9.2)
    ruby-ole (1.2.11.1)
    spreadsheet (0.6.5.6)
      ruby-ole (>= 1.0)
    sqlite3 (1.3.3)
    xml-simple (1.1.0)

PLATFORMS
  ruby

DEPENDENCIES
  builder
  calendar_date_select
  i18n (= 0.4.1)
  mongrel
  mysql
  rails (= 2.3.11)
  spreadsheet (~> 0.6.5.6)
  sqlite3
  xml-simple
